GEM
  remote: https://rubygems.org/
  specs:
    addressable (2.3.6)
    autoprefixer-rails (6.2.3)
      execjs
      json
    bootstrap-sass (3.3.6)
      autoprefixer-rails (>= 5.2.1)
      sass (>= 3.3.4)
    daemons (1.1.9)
    eventmachine (1.0.3)
    excon (0.41.0)
    execjs (2.6.0)
    font-awesome-sass (4.2.1)
      sass (~> 3.2)
    heroku (3.15.2)
      heroku-api (~> 0.3.19)
      launchy (>= 0.3.2)
      multi_json (~> 1.10.1)
      netrc (~> 0.7.7)
      rest-client (= 1.6.7)
      rubyzip (= 0.9.9)
    heroku-api (0.3.19)
      excon (~> 0.38)
      multi_json (~> 1.8)
    json (1.8.3)
    launchy (2.4.3)
      addressable (~> 2.3)
    mime-types (2.4.3)
    multi_json (1.10.1)
    netrc (0.7.9)
    rack (1.5.2)
    rack-protection (1.5.3)
      rack
    rest-client (1.6.7)
      mime-types (>= 1.16)
    rubyzip (0.9.9)
    sass (3.4.6)
    sinatra (1.4.5)
      rack (~> 1.4)
      rack-protection (~> 1.4)
      tilt (~> 1.3, >= 1.3.4)
    thin (1.6.3)
      daemons (~> 1.0, >= 1.0.9)
      eventmachine (~> 1.0)
      rack (~> 1.0)
    tilt (1.4.1)

PLATFORMS
  ruby

DEPENDENCIES
  bootstrap-sass
  font-awesome-sass
  heroku
  sinatra
  thin
